GEM
  remote: http://rubygems.org/
  specs:
    cinch (2.0.2)
    daemons (1.1.8)

PLATFORMS
  ruby

DEPENDENCIES
  cinch
  daemons
